GEM
  remote: https://rubygems.org/
  specs:
    ast (2.4.2)
    colorize (0.8.1)
    csv (0.0.1)
    mini_portile2 (2.5.0)
    nokogiri (1.11.1)
      mini_portile2 (~> 2.5.0)
      racc (~> 1.4)
    parser (2.7.2.0)
      ast (~> 2.4.1)
    powerpack (0.1.3)
    racc (1.5.2)
    rainbow (2.2.2)
      rake
    rake (13.0.3)
    rubocop (0.39.0)
      parser (>= 2.3.0.7, < 3.0)
      powerpack (~> 0.1)
      rainbow (>= 1.99.1, < 3.0)
      ruby-progressbar (~> 1.7)
      unicode-display_width (~> 1.0, >= 1.0.1)
    ruby-progressbar (1.11.0)
    rubysl-open-uri (2.0.0)
    unicode-display_width (1.7.0)

PLATFORMS
  ruby

DEPENDENCIES
  colorize (~> 0.8.1)
  csv (~> 0.0.1)
  nokogiri (~> 1.11, >= 1.11.1)
  rubocop (~> 0.39.0)
  rubysl-open-uri (~> 2.0)

RUBY VERSION
   ruby 2.6.6p146

BUNDLED WITH
   1.17.2
