GEM
  remote: https://rubygems.org/
  specs:
    ast (2.4.2)
    colorize (0.8.1)
    csv (0.0.1)
    diff-lcs (1.4.4)
    nokogiri (1.11.1-x86_64-linux)
      racc (~> 1.4)
    parser (2.7.2.0)
      ast (~> 2.4.1)
    powerpack (0.1.3)
    racc (1.5.2)
    rainbow (2.2.2)
      rake
    rake (13.0.3)
    rspec (3.10.0)
      rspec-core (~> 3.10.0)
      rspec-expectations (~> 3.10.0)
      rspec-mocks (~> 3.10.0)
    rspec-core (3.10.1)
      rspec-support (~> 3.10.0)
    rspec-expectations (3.10.1)
      diff-lcs (>= 1.2.0, < 2.0)
      rspec-support (~> 3.10.0)
    rspec-mocks (3.10.2)
      diff-lcs (>= 1.2.0, < 2.0)
      rspec-support (~> 3.10.0)
    rspec-support (3.10.2)
    rubocop (0.39.0)
      parser (>= 2.3.0.7, < 3.0)
      powerpack (~> 0.1)
      rainbow (>= 1.99.1, < 3.0)
      ruby-progressbar (~> 1.7)
      unicode-display_width (~> 1.0, >= 1.0.1)
    ruby-progressbar (1.11.0)
    rubysl-open-uri (2.0.0)
    unicode-display_width (1.7.0)

PLATFORMS
  x86_64-linux

DEPENDENCIES
  colorize (~> 0.8.1)
  csv (~> 0.0.1)
  nokogiri (~> 1.11, >= 1.11.1)
  rspec (~> 3.5)
  rubocop (~> 0.39.0)
  rubysl-open-uri (~> 2.0)

BUNDLED WITH
   2.2.11
