GEM
  remote: https://rubygems.org/
  specs:
    colorize (0.8.1)
    csv (0.0.1)
    diff-lcs (1.4.4)
    nokogiri (1.11.1-x86_64-linux)
      racc (~> 1.4)
    racc (1.5.2)
    rspec (3.10.0)
      rspec-core (~> 3.10.0)
      rspec-expectations (~> 3.10.0)
      rspec-mocks (~> 3.10.0)
    rspec-core (3.10.1)
      rspec-support (~> 3.10.0)
    rspec-expectations (3.10.1)
      diff-lcs (>= 1.2.0, < 2.0)
      rspec-support (~> 3.10.0)
    rspec-mocks (3.10.2)
      diff-lcs (>= 1.2.0, < 2.0)
      rspec-support (~> 3.10.0)
    rspec-support (3.10.2)
    rubysl-open-uri (2.0.0)

PLATFORMS
  x86_64-linux

DEPENDENCIES
  colorize (~> 0.8.1)
  csv (~> 0.0.1)
  nokogiri (~> 1.11, >= 1.11.1)
  rspec (~> 3.5)
  rubysl-open-uri (~> 2.0)

BUNDLED WITH
   2.2.11
